GEM
  remote: http://rubygems.org/
  specs:
    gosu (0.7.45pre)

PLATFORMS
  ruby

DEPENDENCIES
  gosu (= 0.7.45pre)
